PATH
  remote: .
  specs:
    synchronizer (0.0.1)
      eventmachine (~> 0.12.10)
      ruby_protobuf (~> 0.4.11)

GEM
  remote: http://rubygems.org/
  specs:
    eventmachine (0.12.10)
    metaclass (0.0.1)
    mocha (0.10.5)
      metaclass (~> 0.0.1)
    rake (0.9.2.2)
    ruby_protobuf (0.4.11)
    test-unit (2.4.8)

PLATFORMS
  ruby

DEPENDENCIES
  mocha (~> 0.10.5)
  rake (~> 0.9.2.2)
  synchronizer!
  test-unit (~> 2.4.8)
