GEM
  remote: http://rubygems.org/
  specs:
    eventmachine (0.12.10)
    metaclass (0.0.1)
    mocha (0.10.0)
      metaclass (~> 0.0.1)
    rake (0.9.2.2)
    ruby_protobuf (0.4.11)
    test-unit (2.4.3)

PLATFORMS
  ruby

DEPENDENCIES
  bundler
  eventmachine
  mocha
  rake
  ruby_protobuf
  test-unit
