GEM
  remote: http://rubygems.org/
  specs:
    eventmachine (0.12.10)
    rake (0.9.2.2)
    ruby_protobuf (0.4.11)

PLATFORMS
  ruby

DEPENDENCIES
  bundler
  eventmachine
  rake
  ruby_protobuf
