GEM
  remote: http://rubygems.org/
  specs:
    eventmachine (0.12.10)
    rake (0.9.2.2)

PLATFORMS
  ruby

DEPENDENCIES
  bundler
  eventmachine
  rake
